GEM
  remote: http://rubygems.org/
  specs:
    builder (3.2.2)
    mini_portile2 (2.0.0)
    nokogiri (1.6.7.2)
      mini_portile2 (~> 2.0.0.rc2)
    redcarpet (3.3.4)

PLATFORMS
  ruby

DEPENDENCIES
  builder
  nokogiri
  redcarpet

BUNDLED WITH
   1.11.2
